GEM
  remote: https://rubygems.org/
  specs:
    activesupport (4.0.0)
      i18n (~> 0.6, >= 0.6.4)
      minitest (~> 4.2)
      multi_json (~> 1.3)
      thread_safe (~> 0.1)
      tzinfo (~> 0.3.37)
    atomic (1.1.14)
    bluecloth (2.2.0)
    builder (3.2.2)
    chunky_png (1.2.8)
    coderay (1.1.0)
    colored (1.2)
    compass (0.12.2)
      chunky_png (~> 1.2)
      fssm (>= 0.2.7)
      sass (~> 3.1)
    cri (2.4.0)
      colored (>= 1.2)
    daemons (1.1.9)
    eventmachine (1.0.3)
    excon (0.25.3)
    fog (1.15.0)
      builder
      excon (~> 0.25.0)
      formatador (~> 0.2.0)
      mime-types
      multi_json (~> 1.0)
      net-scp (~> 1.1)
      net-ssh (>= 2.1.3)
      nokogiri (~> 1.5)
      ruby-hmac
    formatador (0.2.4)
    fssm (0.2.10)
    guard-nanoc (1.0.0)
    i18n (0.6.5)
    mime-types (1.25)
    mini_portile (0.5.1)
    minitest (4.7.5)
    multi_json (1.8.0)
    nanoc (3.6.4)
      cri (~> 2.3)
    nanoc-code-classifier (0.1.0)
      nanoc (~> 3.0)
      nokogiri (~> 1.0)
    net-scp (1.1.2)
      net-ssh (>= 2.6.5)
    net-ssh (2.7.0)
    nokogiri (1.6.0)
      mini_portile (~> 0.5.0)
    rack (1.5.2)
    rake (10.1.0)
    ruby-hmac (0.4.0)
    rubypants (0.2.0)
    sass (3.2.10)
    thin (1.5.1)
      daemons (>= 1.0.9)
      eventmachine (>= 0.12.6)
      rack (>= 1.0.0)
    thread_safe (0.1.3)
      atomic
    tzinfo (0.3.37)

PLATFORMS
  ruby

DEPENDENCIES
  activesupport (~> 4.0.0)
  bluecloth (~> 2.2.0)
  builder (~> 3.2.0)
  coderay (~> 1.1.0)
  compass (~> 0.12.0)
  fog (~> 1.15.0)
  guard-nanoc (~> 1.0.0)
  i18n (~> 0.6.0)
  mime-types (~> 1.0)
  nanoc (~> 3.6.0)
  nanoc-code-classifier (~> 0.1.0)
  rake (~> 10.1.0)
  rubypants (~> 0.2.0)
  sass (~> 3.2.0)
  thin (~> 1.5.0)
