GEM
  remote: http://rubygems.org/
  specs:
    activesupport (3.2.2)
      i18n (~> 0.6)
      multi_json (~> 1.0)
    bluecloth (2.2.0)
    builder (3.0.0)
    chunky_png (1.2.5)
    coderay (1.0.5)
    compass (0.12.1)
      chunky_png (~> 1.2)
      fssm (>= 0.2.7)
      sass (~> 3.1)
    cri (2.2.1)
    daemons (1.1.8)
    eventmachine (0.12.10)
    fssm (0.2.8.1)
    haml (3.1.4)
    i18n (0.6.0)
    mime-types (1.18)
    multi_json (1.1.0)
    nanoc (3.3.2)
      cri (~> 2.2)
    nanoc-code-classifier (0.1.0)
      nanoc (~> 3.0)
      nokogiri (~> 1.0)
    nokogiri (1.5.2)
    rack (1.4.1)
    rubypants (0.2.0)
    sass (3.1.15)
    thin (1.3.1)
      daemons (>= 1.0.9)
      eventmachine (>= 0.12.6)
      rack (>= 1.0.0)

PLATFORMS
  ruby

DEPENDENCIES
  activesupport (~> 3.2.0)
  bluecloth (~> 2.2.0)
  builder (~> 3.0.0)
  coderay (~> 1.0.0)
  compass (~> 0.12.0)
  haml (~> 3.1.0)
  i18n (~> 0.6.0)
  mime-types (~> 1.0)
  nanoc (~> 3.3.0)
  nanoc-code-classifier (~> 0.1.0)
  rubypants (~> 0.2.0)
  thin (~> 1.3.0)
