GEM
  remote: http://rubygems.org/
  specs:
    activesupport (3.0.3)
    bluecloth (2.0.9)
    coderay (0.9.6)
    compass (0.10.6)
      haml (>= 3.0.4)
    cri (1.0.1)
    daemons (1.1.0)
    eventmachine (0.12.10)
    haml (3.0.25)
    i18n (0.5.0)
    mime-types (1.16)
    nanoc (3.1.6)
      nanoc3 (>= 3.1.6)
    nanoc-code-classifier (0.0.4)
      nanoc (~> 3.0)
      nokogiri (~> 1.0)
    nanoc3 (3.1.6)
      cri (>= 1.0.0)
    nokogiri (1.4.4)
    rack (1.2.1)
    rubypants (0.2.0)
    thin (1.2.7)
      daemons (>= 1.0.9)
      eventmachine (>= 0.12.6)
      rack (>= 1.0.0)

PLATFORMS
  ruby

DEPENDENCIES
  activesupport (~> 3.0.3)
  bluecloth (~> 2.0.9)
  coderay (~> 0.9.6)
  compass (~> 0.10.6)
  haml (~> 3.0.25)
  i18n (~> 0.5.0)
  mime-types (~> 1.16)
  nanoc (~> 3.1.6)
  nanoc-code-classifier (= 0.0.4)
  rubypants (~> 0.2.0)
  thin (~> 1.2.7)
