GEM
  remote: http://rubygems.org/
  specs:
    bluecloth (2.0.9)
    coderay (0.9.6)
    compass (0.10.6)
      haml (>= 3.0.4)
    cri (1.0.1)
    haml (3.0.25)
    mime-types (1.16)
    nanoc (3.1.6)
      nanoc3 (>= 3.1.6)
    nanoc3 (3.1.6)
      cri (>= 1.0.0)
    nokogiri (1.4.4)
    rack (1.2.1)

PLATFORMS
  ruby

DEPENDENCIES
  bluecloth (~> 2.0.9)
  coderay (~> 0.9.6)
  compass (~> 0.10.6)
  haml (~> 3.0.25)
  mime-types (~> 1.16)
  nanoc (~> 3.1.6)
  nokogiri (~> 1.4.4)
  rack (~> 1.2.1)
