GEM
  remote: http://rubygems.org/
  specs:
    activesupport (3.2.11)
      i18n (~> 0.6)
      multi_json (~> 1.0)
    bluecloth (2.2.0)
    builder (3.1.4)
    chunky_png (1.2.7)
    coderay (1.0.8)
    colored (1.2)
    compass (0.12.2)
      chunky_png (~> 1.2)
      fssm (>= 0.2.7)
      sass (~> 3.1)
    cri (2.3.0)
      colored (>= 1.2)
    daemons (1.1.9)
    eventmachine (1.0.0)
    excon (0.16.10)
    fog (1.9.0)
      builder
      excon (~> 0.14)
      formatador (~> 0.2.0)
      mime-types
      multi_json (~> 1.0)
      net-scp (~> 1.0.4)
      net-ssh (>= 2.1.3)
      nokogiri (~> 1.5.0)
      ruby-hmac
    formatador (0.2.4)
    fssm (0.2.9)
    i18n (0.6.1)
    mime-types (1.19)
    multi_json (1.5.0)
    nanoc (3.4.3)
      cri (~> 2.2)
    nanoc-code-classifier (0.1.0)
      nanoc (~> 3.0)
      nokogiri (~> 1.0)
    net-scp (1.0.4)
      net-ssh (>= 1.99.1)
    net-ssh (2.6.3)
    nokogiri (1.5.6)
    rack (1.4.4)
    rake (10.0.3)
    ruby-hmac (0.4.0)
    rubypants (0.2.0)
    sass (3.2.5)
    thin (1.5.0)
      daemons (>= 1.0.9)
      eventmachine (>= 0.12.6)
      rack (>= 1.0.0)

PLATFORMS
  ruby

DEPENDENCIES
  activesupport (~> 3.2.0)
  bluecloth (~> 2.2.0)
  builder (~> 3.1.0)
  coderay (~> 1.0.0)
  compass (~> 0.12.0)
  fog (~> 1.9.0)
  i18n (~> 0.6.0)
  mime-types (~> 1.0)
  nanoc (~> 3.4.0)
  nanoc-code-classifier (~> 0.1.0)
  rake (~> 10.0.0)
  rubypants (~> 0.2.0)
  sass (~> 3.2.0)
  thin (~> 1.5.0)
